GEM
  remote: https://rubygems.org/
  specs:
    json (1.8.1)
    livr (0.0.2)

PLATFORMS
  ruby

DEPENDENCIES
  json
  livr
